PATH
  remote: .
  specs:
    motion-env-vars (1.0)
      plist

GEM
  remote: https://rubygems.org/
  specs:
    plist (3.1.0)
    rake (10.1.0)

PLATFORMS
  ruby

DEPENDENCIES
  motion-env-vars!
  rake
